GEM
  remote: https://rubygems.org/
  specs:
    builder (3.2.2)
    fattr (2.2.1)
    highline (1.6.20)
    mini_portile (0.5.2)
    nokogiri (1.6.1)
      mini_portile (~> 0.5.0)
    options (2.3.0)
      fattr
    pr_geohash (1.0.0)
    progress_bar (1.0.0)
      highline (~> 1.6.1)
      options (~> 2.3.0)
    rsolr (1.0.9)
      builder (>= 2.1.2)
    sunspot (2.0.0)
      pr_geohash (~> 1.0)
      rsolr (~> 1.0.7)
    sunspot_rails (2.0.0)
      nokogiri
      sunspot (= 2.0.0)
    sunspot_solr (2.0.0)

PLATFORMS
  ruby

DEPENDENCIES
  progress_bar
  sunspot_rails (= 2.0.0)
  sunspot_solr (= 2.0.0)
